GEM
  remote: https://rubygems.org/
  specs:
    activemodel (7.0.4.2)
      activesupport (= 7.0.4.2)
    activerecord (7.0.4.2)
      activemodel (= 7.0.4.2)
      activesupport (= 7.0.4.2)
    activesupport (7.0.4.2)
      concurrent-ruby (~> 1.0, >= 1.0.2)
      i18n (>= 1.6, < 2)
      minitest (>= 5.1)
      tzinfo (~> 2.0)
    argon2 (2.2.0)
      ffi (~> 1.15)
      ffi-compiler (~> 1.0)
    ast (2.4.2)
    backport (1.2.0)
    benchmark (0.2.1)
    concurrent-ruby (1.2.0)
    diff-lcs (1.5.0)
    dotenv (2.8.1)
    e2mmap (0.1.0)
    ffi (1.15.5)
    ffi-compiler (1.0.1)
      ffi (>= 1.0.0)
      rake
    i18n (1.12.0)
      concurrent-ruby (~> 1.0)
    jaro_winkler (1.5.4)
    json (2.6.3)
    kramdown (2.4.0)
      rexml
    kramdown-parser-gfm (1.1.0)
      kramdown (~> 2.0)
    kwalify (0.7.2)
    listen (3.8.0)
      rb-fsevent (~> 0.10, >= 0.10.3)
      rb-inotify (~> 0.9, >= 0.9.10)
    marcel (1.0.2)
    mimemagic (0.4.3)
      nokogiri (~> 1)
      rake
    minitest (5.17.0)
    mustermann (3.0.0)
      ruby2_keywords (~> 0.0.1)
    nokogiri (1.14.1-x86_64-darwin)
      racc (~> 1.4)
    parallel (1.22.1)
    parser (3.2.0.0)
      ast (~> 2.4.1)
    racc (1.6.2)
    rack (2.2.6.2)
    rack-protection (3.0.5)
      rack
    rainbow (3.1.1)
    rake (13.0.6)
    rb-fsevent (0.11.2)
    rb-inotify (0.10.1)
      ffi (~> 1.0)
    reek (6.1.4)
      kwalify (~> 0.7.0)
      parser (~> 3.2.0)
      rainbow (>= 2.0, < 4.0)
    regexp_parser (2.6.2)
    rerun (0.14.0)
      listen (~> 3.0)
    reverse_markdown (2.1.1)
      nokogiri
    rexml (3.2.5)
    rubocop (1.44.1)
      json (~> 2.3)
      parallel (~> 1.10)
      parser (>= 3.2.0.0)
      rainbow (>= 2.2.2, < 4.0)
      regexp_parser (>= 1.8, < 3.0)
      rexml (>= 3.2.5, < 4.0)
      rubocop-ast (>= 1.24.1, < 2.0)
      ruby-progressbar (~> 1.7)
      unicode-display_width (>= 2.4.0, < 3.0)
    rubocop-ast (1.24.1)
      parser (>= 3.1.1.0)
    ruby-progressbar (1.11.0)
    ruby2_keywords (0.0.5)
    sinatra (3.0.5)
      mustermann (~> 3.0)
      rack (~> 2.2, >= 2.2.4)
      rack-protection (= 3.0.5)
      tilt (~> 2.0)
    solargraph (0.48.0)
      backport (~> 1.2)
      benchmark
      bundler (>= 1.17.2)
      diff-lcs (~> 1.4)
      e2mmap
      jaro_winkler (~> 1.5)
      kramdown (~> 2.3)
      kramdown-parser-gfm (~> 1.1)
      parser (~> 3.0)
      reverse_markdown (>= 1.0.5, < 3)
      rubocop (>= 0.52)
      thor (~> 1.0)
      tilt (~> 2.0)
      yard (~> 0.9, >= 0.9.24)
    sqlite3 (1.6.0-x86_64-darwin)
    thor (1.2.1)
    tilt (2.0.11)
    tzinfo (2.0.6)
      concurrent-ruby (~> 1.0)
    unicode-display_width (2.4.2)
    webrick (1.8.1)
    yard (0.9.26)

PLATFORMS
  x86_64-darwin-21

DEPENDENCIES
  activerecord
  argon2
  dotenv
  marcel
  mimemagic
  reek
  rerun
  rubocop
  sinatra
  solargraph
  sqlite3
  webrick

BUNDLED WITH
   2.3.7
